{
    "ConversionSoftware": "dicm2nii.m 20191020",
    "SeriesNumber": 18,
    "SeriesDescription": "ep2d_bold_MB4_Arithmetic_2_final",
    "ImageType": [
        "ORIGINAL",
        "PRIMARY",
        "M",
        "ND",
        "NORM",
        "MOSAIC"
    ],
    "Modality": "MR",
    "AcquisitionDateTime": "20190828180801.625000",
    "TotalReadoutTime": 0.028220005,
    "SliceTiming": [
        0.735,
        0,
        0.49,
        0.06,
        0.55,
        0.1225,
        0.6125,
        0.1825,
        0.6725,
        0.305,
        0.795,
        0.3675,
        0.8575,
        0.4275,
        0.9175,
        0.245,
        0.735,
        0,
        0.49,
        0.06,
        0.55,
        0.1225,
        0.6125,
        0.1825,
        0.6725,
        0.305,
        0.795,
        0.3675,
        0.8575,
        0.4275,
        0.9175,
        0.245,
        0.735,
        0,
        0.49,
        0.06,
        0.55,
        0.1225,
        0.6125,
        0.1825,
        0.6725,
        0.305,
        0.795,
        0.3675,
        0.8575,
        0.4275,
        0.9175,
        0.245
    ],
    "RepetitionTime": 1,
    "PhaseEncodingDirection": "j-",
    "EffectiveEchoSpacing": 0.00034000005,
    "EchoTime": 0.028,
    "PatientSex": "F",
    "PatientAge": "009Y",
    "PatientSize": 1.35,
    "PatientWeight": 26.7,
    "PatientPosition": "HFS",
    "SliceThickness": 2.5,
    "FlipAngle": 40,
    "Manufacturer": "SIEMENS",
    "SoftwareVersion": "syngo MR E11",
    "MRAcquisitionType": "2D",
    "InstitutionName": "Nanyang Technological University",
    "InstitutionAddress": "Nanyang Drive 59,Singapore,SG,SG,636921",
    "DeviceSerialNumber": "66110",
    "ScanningSequence": "EP",
    "SequenceVariant": "SK",
    "ScanOptions": "PFP\\FS",
    "SequenceName": "*epfid2d1_84",
    "TaskName": "arithmetic"
}