{
	"ConversionSoftware": "dicm2nii.m 20190812",
	"SeriesNumber": 32,
	"SeriesDescription": "t1_mprage_sag_p2_iso_IL",
	"ImageType": ["ORIGINAL", "PRIMARY", "M", "ND", "NORM"],
	"Modality": "MR",
	"AcquisitionDateTime": "20190601140958.995000",
	"RepetitionTime": 2.3,
	"PhaseEncodingDirection": "j-",
	"EchoTime": 0.00229,
	"InversionTime": 0.9,
	"PatientSex": "F",
	"PatientAge": "008Y",
	"PatientSize": 1.3,
	"PatientWeight": 21.4,
	"PatientPosition": "HFS",
	"SliceThickness": 0.94,
	"FlipAngle": 8,
	"Manufacturer": "SIEMENS",
	"SoftwareVersion": "syngo MR E11",
	"MRAcquisitionType": "3D",
	"InstitutionName": "Nanyang Technological University",
	"InstitutionAddress": "Nanyang Drive 59,Singapore,SG,SG,636921",
	"DeviceSerialNumber": "66110",
	"ScanningSequence": "GR\\IR",
	"SequenceVariant": "SK\\SP\\MP",
	"ScanOptions": "IR",
	"SequenceName": "*tfl3d1_16ns"
}
