{
    "ConversionSoftware": "dicm2nii.m 20191020",
    "SeriesNumber": 27,
    "SeriesDescription": "ep2d_bold_MB4_Matching_2_final",
    "ImageType": [
        "ORIGINAL",
        "PRIMARY",
        "M",
        "ND",
        "NORM",
        "MOSAIC"
    ],
    "Modality": "MR",
    "AcquisitionDateTime": "20191214160633.537500",
    "TotalReadoutTime": 0.028220005,
    "SliceTiming": [
        0.735,
        0,
        0.49,
        0.0625,
        0.5525,
        0.1225,
        0.6125,
        0.185,
        0.675,
        0.3075,
        0.7975,
        0.3675,
        0.8575,
        0.43,
        0.92,
        0.245,
        0.735,
        0,
        0.49,
        0.0625,
        0.5525,
        0.1225,
        0.6125,
        0.185,
        0.675,
        0.3075,
        0.7975,
        0.3675,
        0.8575,
        0.43,
        0.92,
        0.245,
        0.735,
        0,
        0.49,
        0.0625,
        0.5525,
        0.1225,
        0.6125,
        0.185,
        0.675,
        0.3075,
        0.7975,
        0.3675,
        0.8575,
        0.43,
        0.92,
        0.245
    ],
    "RepetitionTime": 1,
    "PhaseEncodingDirection": "j-",
    "EffectiveEchoSpacing": 0.00034000005,
    "EchoTime": 0.028,
    "PatientSex": "M",
    "PatientAge": "009Y",
    "PatientSize": 1.375,
    "PatientWeight": 28.5,
    "PatientPosition": "HFS",
    "SliceThickness": 2.5,
    "FlipAngle": 40,
    "Manufacturer": "SIEMENS",
    "SoftwareVersion": "syngo MR E11",
    "MRAcquisitionType": "2D",
    "InstitutionName": "Nanyang Technological University",
    "InstitutionAddress": "Nanyang Drive 59,Singapore,SG,SG,636921",
    "DeviceSerialNumber": "66110",
    "ScanningSequence": "EP",
    "SequenceVariant": "SK",
    "ScanOptions": "PFP\\FS",
    "SequenceName": "*epfid2d1_84",
    "TaskName": "matching"
}